PATH
  remote: .
  specs:
    polycube (0.1)

GEM
  remote: https://rubygems.org/
  specs:
    minitest (5.11.3)
    rake (10.5.0)

PLATFORMS
  ruby

DEPENDENCIES
  bundler (~> 1.10)
  minitest
  polycube!
  rake (~> 10.0)

BUNDLED WITH
   1.16.1
